GEM
  remote: https://rubygems.org/
  specs:
    multi_json (1.11.2)
    rack (1.6.4)
    rack-protection (1.5.3)
      rack
    sinatra (1.4.6)
      rack (~> 1.4)
      rack-protection (~> 1.4)
      tilt (>= 1.3, < 3)
    tilt (2.0.1)

PLATFORMS
  java
  ruby

DEPENDENCIES
  multi_json
  sinatra

RUBY VERSION
   ruby 2.4.3p205

BUNDLED WITH
   1.16.1
